GEM
  remote: http://rubygems.org/
  specs:
    albacore (2.0.4)
      map (~> 6.5)
      nokogiri (~> 1.5)
      rake (> 10)
      semver2 (~> 3.4)
    map (6.6.0)
    mini_portile2 (2.8.0)
    nokogiri (1.13.5)
      mini_portile2 (~> 2.8.0)
      racc (~> 1.4)
    nokogiri (1.13.5-x64-mingw32)
      racc (~> 1.4)
    os (0.9.6)
    racc (1.6.0)
    rake (11.1.1)
    semver2 (3.4.2)

PLATFORMS
  ruby
  x64-mingw32

DEPENDENCIES
  albacore
  nokogiri
  os

BUNDLED WITH
   1.12.1
